GEM
  remote: https://rubygems.org/
  specs:
    base64 (0.2.0)
    rexml (3.2.8)
      strscan (>= 3.0.9)
    rubyzip (2.3.2)
    selenium-webdriver (4.21.1)
      base64 (~> 0.2)
      rexml (~> 3.2, >= 3.2.5)
      rubyzip (>= 1.2.2, < 3.0)
      websocket (~> 1.0)
    strscan (3.1.0)
    websocket (1.2.10)

PLATFORMS
  x86_64-linux

DEPENDENCIES
  selenium-webdriver

BUNDLED WITH
   2.3.20
